GEM
  remote: https://rubygems.org/
  specs:
    actionmailer (4.1.1)
      actionpack (= 4.1.1)
      actionview (= 4.1.1)
      mail (~> 2.5.4)
    actionpack (4.1.1)
      actionview (= 4.1.1)
      activesupport (= 4.1.1)
      rack (~> 1.5.2)
      rack-test (~> 0.6.2)
    actionview (4.1.1)
      activesupport (= 4.1.1)
      builder (~> 3.1)
      erubis (~> 2.7.0)
    activemodel (4.1.1)
      activesupport (= 4.1.1)
      builder (~> 3.1)
    activerecord (4.1.1)
      activemodel (= 4.1.1)
      activesupport (= 4.1.1)
      arel (~> 5.0.0)
    activesupport (4.1.1)
      i18n (~> 0.6, >= 0.6.9)
      json (~> 1.7, >= 1.7.7)
      minitest (~> 5.1)
      thread_safe (~> 0.1)
      tzinfo (~> 1.1)
    addressable (2.3.6)
    arel (5.0.1.20140414130214)
    asin (2.0.1)
      confiture (>= 0.1)
      crack (>= 0.3)
      hashie (>= 1.1)
      httpi (>= 0.9)
      rash (>= 0.4)
    autoprefixer-rails (2.1.0.20140628)
      execjs
    awesome_print (1.2.0)
    bcrypt (3.1.7)
    binding_of_caller (0.7.2)
      debug_inspector (>= 0.0.1)
    bootstrap-sass (3.2.0.0)
      sass (~> 3.2)
    builder (3.2.2)
    cancancan (1.9.1)
    capybara (2.4.1)
      mime-types (>= 1.16)
      nokogiri (>= 1.3.3)
      rack (>= 1.0.0)
      rack-test (>= 0.5.4)
      xpath (~> 2.0)
    chartkick (1.2.4)
    codeclimate-test-reporter (0.3.0)
      simplecov (>= 0.7.1, < 1.0.0)
    coderay (1.1.0)
    coffee-rails (4.0.1)
      coffee-script (>= 2.2.0)
      railties (>= 4.0.0, < 5.0)
    coffee-script (2.2.0)
      coffee-script-source
      execjs
    coffee-script-source (1.7.0)
    columnize (0.8.9)
    confiture (0.1.4)
    coolline (0.4.4)
    crack (0.4.2)
      safe_yaml (~> 1.0.0)
    curb (0.8.5)
    debug_inspector (0.0.2)
    debugger (1.6.8)
      columnize (>= 0.3.1)
      debugger-linecache (~> 1.2.0)
      debugger-ruby_core_source (~> 1.3.5)
    debugger-linecache (1.2.0)
    debugger-ruby_core_source (1.3.5)
    diff-lcs (1.2.5)
    diffy (3.0.5)
    docile (1.1.5)
    dotenv (0.11.1)
      dotenv-deployment (~> 0.0.2)
    dotenv-deployment (0.0.2)
    dotenv-rails (0.11.1)
      dotenv (= 0.11.1)
    erubis (2.7.0)
    execjs (2.2.1)
    faraday (0.9.0)
      multipart-post (>= 1.2, < 3)
    grit (2.5.0)
      diff-lcs (~> 1.1)
      mime-types (~> 1.15)
      posix-spawn (~> 0.3.6)
    hashie (2.0.5)
    hike (1.2.3)
    hirb (0.7.2)
    httpi (2.2.4)
      rack
    i18n (0.6.9)
    jazz_hands (0.5.2)
      awesome_print (~> 1.2)
      coolline (>= 0.4.2)
      hirb (~> 0.7.1)
      pry (~> 0.9.12)
      pry-debugger (~> 0.2.2)
      pry-doc (~> 0.4.6)
      pry-git (~> 0.2.3)
      pry-rails (~> 0.3.2)
      pry-remote (>= 0.1.7)
      pry-stack_explorer (~> 0.4.9)
      railties (>= 3.0, < 5.0)
    jbuilder (2.1.2)
      activesupport (>= 3.0.0, < 5)
      multi_json (~> 1.2)
    jquery-rails (3.1.1)
      railties (>= 3.0, < 5.0)
      thor (>= 0.14, < 2.0)
    json (1.8.1)
    jwt (1.0.0)
    launchy (2.4.2)
      addressable (~> 2.3)
    mail (2.5.4)
      mime-types (~> 1.16)
      treetop (~> 1.4.8)
    method_source (0.8.2)
    mime-types (1.25.1)
    mini_portile (0.6.0)
    minitest (5.4.0)
    money (6.1.1)
      i18n (~> 0.6.4)
    multi_json (1.10.1)
    multi_xml (0.5.5)
    multipart-post (2.0.0)
    nokogiri (1.6.2.1)
      mini_portile (= 0.6.0)
    oauth (0.4.7)
    oauth2 (0.9.4)
      faraday (>= 0.8, < 0.10)
      jwt (~> 1.0)
      multi_json (~> 1.3)
      multi_xml (~> 0.5)
      rack (~> 1.2)
    pg (0.17.1)
    polyglot (0.3.5)
    posix-spawn (0.3.8)
    pry (0.9.12.6)
      coderay (~> 1.0)
      method_source (~> 0.8)
      slop (~> 3.4)
    pry-debugger (0.2.2)
      debugger (~> 1.3)
      pry (~> 0.9.10)
    pry-doc (0.4.6)
      pry (>= 0.9)
      yard (>= 0.8)
    pry-git (0.2.3)
      diffy
      grit
      pry (>= 0.9.8)
    pry-rails (0.3.2)
      pry (>= 0.9.10)
    pry-remote (0.1.8)
      pry (~> 0.9)
      slop (~> 3.0)
    pry-stack_explorer (0.4.9.1)
      binding_of_caller (>= 0.7)
      pry (>= 0.9.11)
    rack (1.5.2)
    rack-test (0.6.2)
      rack (>= 1.0)
    rails (4.1.1)
      actionmailer (= 4.1.1)
      actionpack (= 4.1.1)
      actionview (= 4.1.1)
      activemodel (= 4.1.1)
      activerecord (= 4.1.1)
      activesupport (= 4.1.1)
      bundler (>= 1.3.0, < 2.0)
      railties (= 4.1.1)
      sprockets-rails (~> 2.0)
    rails_12factor (0.0.2)
      rails_serve_static_assets
      rails_stdout_logging
    rails_serve_static_assets (0.0.2)
    rails_stdout_logging (0.0.3)
    railties (4.1.1)
      actionpack (= 4.1.1)
      activesupport (= 4.1.1)
      rake (>= 0.8.7)
      thor (>= 0.18.1, < 2.0)
    rake (10.3.2)
    rash (0.4.0)
      hashie (~> 2.0.0)
    rdoc (4.1.1)
      json (~> 1.4)
    rspec-core (3.0.2)
      rspec-support (~> 3.0.0)
    rspec-expectations (3.0.2)
      diff-lcs (>= 1.2.0, < 2.0)
      rspec-support (~> 3.0.0)
    rspec-mocks (3.0.2)
      rspec-support (~> 3.0.0)
    rspec-rails (3.0.1)
      actionpack (>= 3.0)
      activesupport (>= 3.0)
      railties (>= 3.0)
      rspec-core (~> 3.0.0)
      rspec-expectations (~> 3.0.0)
      rspec-mocks (~> 3.0.0)
      rspec-support (~> 3.0.0)
    rspec-support (3.0.2)
    safe_yaml (1.0.3)
    sass (3.2.19)
    sass-rails (4.0.3)
      railties (>= 4.0.0, < 5.0)
      sass (~> 3.2.0)
      sprockets (~> 2.8, <= 2.11.0)
      sprockets-rails (~> 2.0)
    sdoc (0.4.0)
      json (~> 1.8)
      rdoc (~> 4.0, < 5.0)
    simple_enum (2.0.1)
      activesupport (>= 4.0.0)
    simplecov (0.8.2)
      docile (~> 1.1.0)
      multi_json
      simplecov-html (~> 0.8.0)
    simplecov-html (0.8.0)
    slop (3.5.0)
    sorcery (0.8.6)
      bcrypt (~> 3.1)
      oauth (~> 0.4, >= 0.4.4)
      oauth2 (>= 0.8.0, < 1.0.0)
    spring (1.1.3)
    sprockets (2.11.0)
      hike (~> 1.2)
      multi_json (~> 1.0)
      rack (~> 1.0)
      tilt (~> 1.1, != 1.3.0)
    sprockets-rails (2.1.3)
      actionpack (>= 3.0)
      activesupport (>= 3.0)
      sprockets (~> 2.8)
    thor (0.19.1)
    thread_safe (0.3.4)
    tilt (1.4.1)
    timecop (0.7.1)
    treetop (1.4.15)
      polyglot
      polyglot (>= 0.3.1)
    tzinfo (1.2.1)
      thread_safe (~> 0.1)
    uglifier (2.5.1)
      execjs (>= 0.3.0)
      json (>= 1.8.0)
    valid_email (0.0.5)
      activemodel
      mail
    vcr (2.9.2)
    webmock (1.18.0)
      addressable (>= 2.3.6)
      crack (>= 0.3.2)
    xpath (2.0.0)
      nokogiri (~> 1.3)
    yard (0.8.7.4)

PLATFORMS
  ruby

DEPENDENCIES
  asin
  autoprefixer-rails
  bootstrap-sass
  cancancan (~> 1.9.1)
  capybara
  chartkick
  codeclimate-test-reporter
  coffee-rails (~> 4.0.0)
  curb
  dotenv-rails
  jazz_hands
  jbuilder (~> 2.0)
  jquery-rails
  launchy
  money
  nokogiri
  pg
  rails (= 4.1.1)
  rails_12factor
  rspec-rails
  sass-rails (~> 4.0.3)
  sdoc (~> 0.4.0)
  simple_enum
  sorcery (~> 0.8.6)
  spring
  timecop
  uglifier (>= 1.3.0)
  valid_email (~> 0.0.5)
  vcr
  webmock
